GEM
  remote: http://rubygems.org/
  specs:
    actionmailer (2.3.8)
      actionpack (= 2.3.8)
    actionpack (2.3.8)
      activesupport (= 2.3.8)
      rack (~> 1.1.0)
    activerecord (2.3.8)
      activesupport (= 2.3.8)
    activeresource (2.3.8)
      activesupport (= 2.3.8)
    activesupport (2.3.8)
    calendar_date_select (1.16.1)
    daemons (1.1.0)
    delayed_job (2.0.4)
      daemons
    mysql (2.8.1)
    rack (1.1.0)
    rails (2.3.8)
      actionmailer (= 2.3.8)
      actionpack (= 2.3.8)
      activerecord (= 2.3.8)
      activeresource (= 2.3.8)
      activesupport (= 2.3.8)
      rake (>= 0.8.3)
    rake (0.8.7)
    rcov (0.9.9)
    rdoc (2.5.11)
    rspec (1.3.0)
    rspec-rails (1.3.2)
      rack (>= 1.0.0)
      rspec (>= 1.3.0)
    sqlite3-ruby (1.3.2)

PLATFORMS
  ruby

DEPENDENCIES
  bundler
  calendar_date_select
  delayed_job
  mysql (= 2.8.1)
  rails (= 2.3.8)
  rake
  rcov
  rdoc
  rspec (= 1.3.0)
  rspec-rails (= 1.3.2)
  sqlite3-ruby
